GEM
  remote: https://rubygems.org/
  specs:
    ansi (1.5.0)
    conoha (0.9.5)
    hashie (3.4.4)
    itamae (1.9.9)
      ansi
      hashie
      schash (~> 0.1.0)
      specinfra (>= 2.37.0, < 3.0.0)
      thor
    itamae-plugin-resource-encrypted_remote_file (0.0.2)
      itamae (>= 1.2)
      reversible_cryptography
    itamae-secrets (0.1.0)
      thor
    net-scp (1.2.1)
      net-ssh (>= 2.6.5)
    net-ssh (3.2.0)
    net-telnet (0.1.1)
    reversible_cryptography (0.5.0)
      thor
    schash (0.1.2)
    sfl (2.2)
    specinfra (2.60.2)
      net-scp
      net-ssh (>= 2.7, < 4.0)
      net-telnet
      sfl
    thor (0.19.1)

PLATFORMS
  ruby

DEPENDENCIES
  conoha (= 0.9.5)
  itamae (= 1.9.9)
  itamae-plugin-resource-encrypted_remote_file (= 0.0.2)
  itamae-secrets (= 0.1.0)
  reversible_cryptography (= 0.5.0)

BUNDLED WITH
   1.12.5
